GIT
  remote: https://github.com/hotwired/hotwire-rails.git
  revision: 0347910577af4dd56c45ca0ea813109c3d426f7f
  specs:
    hotwire-rails (0.1.3)
      rails (>= 6.0.0)
      stimulus-rails
      turbo-rails

GIT
  remote: https://github.com/rails/importmap-rails.git
  revision: 979a202a1738357e7614002ad1c2bf7c80306ccc
  specs:
    importmap-rails (0.3.4)
      rails (>= 6.0.0)

GIT
  remote: https://github.com/rails/rails.git
  revision: a3cfa4a20d6b57a0fffbffd4e0e8eb7924532879
  branch: main
  specs:
    actioncable (7.0.0.alpha)
      actionpack (= 7.0.0.alpha)
      activesupport (= 7.0.0.alpha)
      nio4r (~> 2.0)
      websocket-driver (>= 0.6.1)
    actionmailbox (7.0.0.alpha)
      actionpack (= 7.0.0.alpha)
      activejob (= 7.0.0.alpha)
      activerecord (= 7.0.0.alpha)
      activestorage (= 7.0.0.alpha)
      activesupport (= 7.0.0.alpha)
      mail (>= 2.7.1)
    actionmailer (7.0.0.alpha)
      actionpack (= 7.0.0.alpha)
      actionview (= 7.0.0.alpha)
      activejob (= 7.0.0.alpha)
      activesupport (= 7.0.0.alpha)
      mail (~> 2.5, >= 2.5.4)
      rails-dom-testing (~> 2.0)
    actionpack (7.0.0.alpha)
      actionview (= 7.0.0.alpha)
      activesupport (= 7.0.0.alpha)
      rack (~> 2.0, >= 2.2.0)
      rack-test (>= 0.6.3)
      rails-dom-testing (~> 2.0)
      rails-html-sanitizer (~> 1.0, >= 1.2.0)
    actiontext (7.0.0.alpha)
      actionpack (= 7.0.0.alpha)
      activerecord (= 7.0.0.alpha)
      activestorage (= 7.0.0.alpha)
      activesupport (= 7.0.0.alpha)
      nokogiri (>= 1.8.5)
    actionview (7.0.0.alpha)
      activesupport (= 7.0.0.alpha)
      builder (~> 3.1)
      erubi (~> 1.4)
      rails-dom-testing (~> 2.0)
      rails-html-sanitizer (~> 1.1, >= 1.2.0)
    activejob (7.0.0.alpha)
      activesupport (= 7.0.0.alpha)
      globalid (>= 0.3.6)
    activemodel (7.0.0.alpha)
      activesupport (= 7.0.0.alpha)
    activerecord (7.0.0.alpha)
      activemodel (= 7.0.0.alpha)
      activesupport (= 7.0.0.alpha)
    activestorage (7.0.0.alpha)
      actionpack (= 7.0.0.alpha)
      activejob (= 7.0.0.alpha)
      activerecord (= 7.0.0.alpha)
      activesupport (= 7.0.0.alpha)
      marcel (~> 1.0.0)
      mini_mime (>= 1.1.0)
    activesupport (7.0.0.alpha)
      concurrent-ruby (~> 1.0, >= 1.0.2)
      i18n (>= 1.6, < 2)
      minitest (>= 5.1)
      tzinfo (~> 2.0)
      zeitwerk (~> 2.5.0.beta2)
    rails (7.0.0.alpha)
      actioncable (= 7.0.0.alpha)
      actionmailbox (= 7.0.0.alpha)
      actionmailer (= 7.0.0.alpha)
      actionpack (= 7.0.0.alpha)
      actiontext (= 7.0.0.alpha)
      actionview (= 7.0.0.alpha)
      activejob (= 7.0.0.alpha)
      activemodel (= 7.0.0.alpha)
      activerecord (= 7.0.0.alpha)
      activestorage (= 7.0.0.alpha)
      activesupport (= 7.0.0.alpha)
      bundler (>= 1.15.0)
      railties (= 7.0.0.alpha)
      sprockets-rails (>= 2.0.0)
    railties (7.0.0.alpha)
      actionpack (= 7.0.0.alpha)
      activesupport (= 7.0.0.alpha)
      method_source
      rake (>= 0.13)
      thor (~> 1.0)

GIT
  remote: https://github.com/rubysec/bundler-audit.git
  revision: 05d7c4979e3ccdd17ae731b8ac29337dd747e653
  specs:
    bundler-audit (0.9.0)
      bundler (>= 1.2.0, < 3)
      thor (~> 1.0)

GEM
  remote: https://rubygems.org/
  specs:
    addressable (2.8.0)
      public_suffix (>= 2.0.2, < 5.0)
    annotate (3.1.1)
      activerecord (>= 3.2, < 7.0)
      rake (>= 10.4, < 14.0)
    ast (2.4.2)
    bindex (0.8.1)
    brakeman (5.1.1)
    builder (3.2.4)
    byebug (11.1.3)
    capybara (3.35.3)
      addressable
      mini_mime (>= 0.1.3)
      nokogiri (~> 1.8)
      rack (>= 1.6.0)
      rack-test (>= 0.6.3)
      regexp_parser (>= 1.5, < 3.0)
      xpath (~> 3.2)
    childprocess (4.1.0)
    coderay (1.1.3)
    concurrent-ruby (1.1.9)
    crass (1.0.6)
    diff-lcs (1.4.4)
    domain_name (0.5.20190701)
      unf (>= 0.0.5, < 1.0.0)
    down (5.2.3)
      addressable (~> 2.8)
    erubi (1.10.0)
    factory_bot (6.2.0)
      activesupport (>= 5.0.0)
    factory_bot_rails (6.2.0)
      factory_bot (~> 6.2.0)
      railties (>= 5.0.0)
    ffi (1.15.3)
    ffi-compiler (1.0.1)
      ffi (>= 1.0.0)
      rake
    globalid (0.5.2)
      activesupport (>= 5.0)
    grundler (0.1.0)
      down (~> 5.2.0)
      http (~> 4.3.0)
    http (4.3.0)
      addressable (~> 2.3)
      http-cookie (~> 1.0)
      http-form_data (~> 2.2)
      http-parser (~> 1.2.0)
    http-cookie (1.0.4)
      domain_name (~> 0.5)
    http-form_data (2.3.0)
    http-parser (1.2.3)
      ffi-compiler (>= 1.0, < 2.0)
    i18n (1.8.10)
      concurrent-ruby (~> 1.0)
    jbuilder (2.11.2)
      activesupport (>= 5.0.0)
    launchy (2.5.0)
      addressable (~> 2.7)
    letter_opener (1.7.0)
      launchy (~> 2.2)
    letter_opener_web (1.4.0)
      actionmailer (>= 3.2)
      letter_opener (~> 1.0)
      railties (>= 3.2)
    loofah (2.12.0)
      crass (~> 1.0.2)
      nokogiri (>= 1.5.9)
    mail (2.7.1)
      mini_mime (>= 0.1.1)
    marcel (1.0.1)
    method_source (1.0.0)
    mini_mime (1.1.1)
    mini_portile2 (2.6.1)
    minitest (5.14.4)
    nio4r (2.5.8)
    nokogiri (1.12.3)
      mini_portile2 (~> 2.6.1)
      racc (~> 1.4)
    nokogiri (1.12.3-x86_64-darwin)
      racc (~> 1.4)
    nokogiri (1.12.3-x86_64-linux)
      racc (~> 1.4)
    parallel (1.20.1)
    parser (3.0.2.0)
      ast (~> 2.4.1)
    pg (1.2.3)
    pry (0.14.1)
      coderay (~> 1.1)
      method_source (~> 1.0)
    pry-rails (0.3.9)
      pry (>= 0.10.4)
    public_suffix (4.0.6)
    puma (5.4.0)
      nio4r (~> 2.0)
    racc (1.5.2)
    rack (2.2.3)
    rack-test (1.1.0)
      rack (>= 1.0, < 3)
    rails-dom-testing (2.0.3)
      activesupport (>= 4.2.0)
      nokogiri (>= 1.6)
    rails-html-sanitizer (1.4.2)
      loofah (~> 2.3)
    rainbow (3.0.0)
    rake (13.0.6)
    redis (4.4.0)
    regexp_parser (2.1.1)
    rexml (3.2.5)
    rspec-core (3.10.1)
      rspec-support (~> 3.10.0)
    rspec-expectations (3.10.1)
      diff-lcs (>= 1.2.0, < 2.0)
      rspec-support (~> 3.10.0)
    rspec-mocks (3.10.2)
      diff-lcs (>= 1.2.0, < 2.0)
      rspec-support (~> 3.10.0)
    rspec-rails (5.0.2)
      actionpack (>= 5.2)
      activesupport (>= 5.2)
      railties (>= 5.2)
      rspec-core (~> 3.10)
      rspec-expectations (~> 3.10)
      rspec-mocks (~> 3.10)
      rspec-support (~> 3.10)
    rspec-support (3.10.2)
    rubocop (1.19.1)
      parallel (~> 1.10)
      parser (>= 3.0.0.0)
      rainbow (>= 2.2.2, < 4.0)
      regexp_parser (>= 1.8, < 3.0)
      rexml
      rubocop-ast (>= 1.9.1, < 2.0)
      ruby-progressbar (~> 1.7)
      unicode-display_width (>= 1.4.0, < 3.0)
    rubocop-ast (1.11.0)
      parser (>= 3.0.1.1)
    rubocop-performance (1.11.5)
      rubocop (>= 1.7.0, < 2.0)
      rubocop-ast (>= 0.4.0)
    ruby-progressbar (1.11.0)
    rubyzip (2.3.2)
    sass-rails (6.0.0)
      sassc-rails (~> 2.1, >= 2.1.1)
    sassc (2.4.0)
      ffi (~> 1.9)
    sassc-rails (2.1.2)
      railties (>= 4.0.0)
      sassc (>= 2.0)
      sprockets (> 3.0)
      sprockets-rails
      tilt
    selenium-webdriver (4.0.0.beta1)
      childprocess (>= 0.5, < 5.0)
      rexml (~> 3.2)
      rubyzip (>= 1.2.2)
      websocket (~> 1.0)
    sprockets (4.0.2)
      concurrent-ruby (~> 1.0)
      rack (> 1, < 3)
    sprockets-rails (3.2.2)
      actionpack (>= 4.0)
      activesupport (>= 4.0)
      sprockets (>= 3.0.0)
    standard (1.2.0)
      rubocop (= 1.19.1)
      rubocop-performance (= 1.11.5)
    stimulus-rails (0.3.9)
      rails (>= 6.0.0)
    strong_migrations (0.7.8)
      activerecord (>= 5)
    thor (1.1.0)
    tilt (2.0.10)
    turbo-rails (0.7.7)
      rails (>= 6.0.0)
    tzinfo (2.0.4)
      concurrent-ruby (~> 1.0)
    unf (0.1.4)
      unf_ext
    unf_ext (0.0.7.7)
    unicode-display_width (2.0.0)
    web-console (4.1.0)
      actionview (>= 6.0.0)
      activemodel (>= 6.0.0)
      bindex (>= 0.4.0)
      railties (>= 6.0.0)
    webdrivers (4.6.1)
      nokogiri (~> 1.6)
      rubyzip (>= 1.3.0)
      selenium-webdriver (>= 3.0, < 4.0)
    websocket (1.2.9)
    websocket-driver (0.7.5)
      websocket-extensions (>= 0.1.0)
    websocket-extensions (0.1.5)
    xpath (3.2.0)
      nokogiri (~> 1.8)
    zeitwerk (2.5.0.beta2)

PLATFORMS
  aarch64-linux
  x86_64-darwin-20
  x86_64-linux

DEPENDENCIES
  annotate
  brakeman
  bundler-audit!
  byebug
  capybara (>= 2.15)
  factory_bot_rails
  grundler
  hotwire-rails!
  importmap-rails!
  jbuilder (~> 2.7)
  letter_opener_web (~> 1.3, >= 1.3.4)
  pg (~> 1.1)
  pry-rails
  puma (~> 5.0)
  rails!
  redis (~> 4.0)
  rspec-rails
  sass-rails (>= 6)
  selenium-webdriver (= 4.0.0.beta1)
  standard
  strong_migrations
  tzinfo-data
  web-console (>= 4.1.0)
  webdrivers

RUBY VERSION
   ruby 3.0.2p107

BUNDLED WITH
   2.2.26
